PATH
  remote: .
  specs:
    cpr-client (0.0.3)
      httpclient (~> 2.7)
      nokogiri (~> 1.6)

GEM
  remote: https://rubygems.org/
  specs:
    httpclient (2.7.1)
    mini_portile2 (2.0.0)
    minitest (5.8.4)
    nokogiri (1.6.7.2)
      mini_portile2 (~> 2.0.0.rc2)
    rake (10.5.0)

PLATFORMS
  ruby

DEPENDENCIES
  cpr-client!
  minitest (~> 5.8)
  rake (~> 10.5)

BUNDLED WITH
   1.11.2
