PATH
  remote: .
  specs:
    cpr-client (0.0.7)
      httpclient (~> 2.7)
      nokogiri (~> 1.6)

GEM
  remote: https://rubygems.org/
  specs:
    httpclient (2.8.3)
    mini_portile2 (2.8.1)
    minitest (5.10.3)
    nokogiri (1.14.3)
      mini_portile2 (~> 2.8.0)
      racc (~> 1.4)
    racc (1.6.2)
    rake (10.5.0)

PLATFORMS
  ruby

DEPENDENCIES
  cpr-client!
  minitest (~> 5.8)
  rake (~> 10.5)

BUNDLED WITH
   1.15.4
